GEM
  remote: http://rubygems.org/
  specs:
    RedCloth (4.2.7)
    haml (3.0.25)
    maruku (0.6.0)
      syntax (>= 1.0.0)
    nesta (0.9.4)
      RedCloth (~> 4.2)
      haml (~> 3.0)
      maruku (>= 0.6.0)
      shotgun (>= 0.8)
      sinatra (= 1.1.2)
    nokogiri (1.4.4)
    rack (1.2.1)
    redcarpet (1.9.0)
    rubypants (0.2.0)
    shotgun (0.8)
      rack (>= 1.0)
    sinatra (1.1.2)
      rack (~> 1.1)
      tilt (~> 1.2)
    syntax (1.0.0)
    tilt (1.2.2)
    typogruby (1.0.11)
      rubypants

PLATFORMS
  ruby

DEPENDENCIES
  nesta (= 0.9.4)
  nokogiri
  redcarpet
  typogruby
