GIT
  remote: git://github.com/vmg/redcarpet.git
  revision: 9132288fd1eb29f67c7e38ba6543575324b79185
  specs:
    redcarpet (2.2.2)

GEM
  remote: http://rubygems.org/
  specs:
    RedCloth (4.2.3)
    haml (3.0.25)
    json (1.5.1)
    maruku (0.6.0)
      syntax (>= 1.0.0)
    nesta (0.9.4)
      haml (~> 3.0)
      maruku (>= 0.6.0)
      shotgun (>= 0.8)
      sinatra (= 1.1.2)
    nokogiri (1.4.4)
    rack (1.2.1)
    rack-force_domain (0.2.0)
    rubypants (0.2.0)
    shotgun (0.8)
      rack (>= 1.0)
    sinatra (1.1.2)
      rack (~> 1.1)
      tilt (~> 1.2)
    syntax (1.0.0)
    tilt (1.2.2)
    typogruby (1.0.11)
      rubypants
    will_paginate (3.0.3)

PLATFORMS
  ruby

DEPENDENCIES
  RedCloth (= 4.2.3)
  json
  nesta (= 0.9.4)
  nokogiri
  rack-force_domain (~> 0.2.0)
  redcarpet!
  typogruby
  will_paginate
